GENERATE-LOAD-SCRIPTS: ON
RESTRICTION: == netstandard2.0
NUGET
  remote: https://www.nuget.org/api/v2
    Microsoft.AspNetCore.Cryptography.Internal (2.1)
    Microsoft.AspNetCore.Cryptography.KeyDerivation (2.1)
      Microsoft.AspNetCore.Cryptography.Internal (>= 2.1)
    Newtonsoft.Json (11.0.2)
